PATH
  remote: .
  specs:
    sidekick (3.1.0)
      activerecord (~> 3.1.0)

GEM
  remote: http://rubygems.org/
  specs:
    activemodel (3.1.0)
      activesupport (= 3.1.0)
      bcrypt-ruby (~> 3.0.0)
      builder (~> 3.0.0)
      i18n (~> 0.6)
    activerecord (3.1.0)
      activemodel (= 3.1.0)
      activesupport (= 3.1.0)
      arel (~> 2.2.1)
      tzinfo (~> 0.3.29)
    activesupport (3.1.0)
      multi_json (~> 1.0)
    arel (2.2.1)
    bcrypt-ruby (3.0.0)
    builder (3.0.0)
    i18n (0.6.0)
    multi_json (1.0.3)
    mysql2 (0.3.7)
    tzinfo (0.3.29)

PLATFORMS
  ruby

DEPENDENCIES
  mysql2
  sidekick!
